GIT
  remote: git://github.com/technoweenie/acts_as_versioned.git
  revision: 589289fd42b2600d5f643c85e3e4e38e03ac655e
  tag: rails_2
  specs:
    acts_as_versioned (0.5.2)

GEM
  remote: http://rubygems.org/
  specs:
    actionmailer (2.3.8)
      actionpack (= 2.3.8)
    actionpack (2.3.8)
      activesupport (= 2.3.8)
      rack (~> 1.1.0)
    activerecord (2.3.8)
      activesupport (= 2.3.8)
    activeresource (2.3.8)
      activesupport (= 2.3.8)
    activesupport (2.3.8)
    authlogic (2.1.6)
      activesupport
    authlogic-oid (1.0.4)
      authlogic
    awesome_nested_set (1.4.3)
      activerecord (>= 1.1)
    aws-s3 (0.6.2)
      builder
      mime-types
      xml-simple
    builder (3.0.0)
    capybara (0.4.0)
      celerity (>= 0.7.9)
      culerity (>= 0.2.4)
      mime-types (>= 1.16)
      nokogiri (>= 1.3.3)
      rack (>= 1.0.0)
      rack-test (>= 0.5.4)
      selenium-webdriver (>= 0.0.27)
      xpath (~> 0.1.2)
    celerity (0.8.4)
    cgi_multipart_eof_fix (2.5.0)
    childprocess (0.1.4)
      ffi (~> 0.6.3)
    columnize (0.3.2)
    cucumber (0.8.0)
      builder (>= 2.1.2)
      diff-lcs (>= 1.1.2)
      gherkin (>= 1.0.30)
      json_pure (>= 1.4.3)
      term-ansicolor (>= 1.0.4)
    cucumber-rails (0.3.2)
      cucumber (>= 0.8.0)
    culerity (0.2.12)
    curb (0.7.8)
    daemons (1.1.0)
    database_cleaner (0.5.2)
    delayed_job (2.0.4)
      daemons
    diff-lcs (1.1.2)
    faker (0.3.1)
    fastthread (1.0.7)
    feedzirra (0.0.24)
      activesupport (>= 2.3.8)
      builder (>= 2.1.2)
      curb (>= 0.2.3)
      loofah (>= 0.3.1)
      nokogiri (> 0.0.0)
      sax-machine (>= 0.0.12)
    ffi (0.6.3)
      rake (>= 0.8.7)
    gem_plugin (0.2.3)
    gherkin (1.0.30)
      trollop (>= 1.16.2)
    json_pure (1.4.6)
    linecache (0.43)
    loofah (1.0.0)
      nokogiri (>= 1.3.3)
    machinist (1.0.6)
    mime-types (1.16)
    mongrel (1.1.5)
      cgi_multipart_eof_fix (>= 2.4)
      daemons (>= 1.0.3)
      fastthread (>= 1.0.1)
      gem_plugin (>= 0.2.3)
    nokogiri (1.4.4)
    paperclip (2.3.6)
      activerecord
      activesupport
    pg (0.9.0)
    rack (1.1.0)
    rack-test (0.5.6)
      rack (>= 1.0)
    rails (2.3.8)
      actionmailer (= 2.3.8)
      actionpack (= 2.3.8)
      activerecord (= 2.3.8)
      activeresource (= 2.3.8)
      activesupport (= 2.3.8)
      rake (>= 0.8.3)
    rake (0.8.7)
    rdiscount (1.6.5)
    rr (1.0.2)
    rspec (2.1.0)
      rspec-core (~> 2.1.0)
      rspec-expectations (~> 2.1.0)
      rspec-mocks (~> 2.1.0)
    rspec-core (2.1.0)
    rspec-expectations (2.1.0)
      diff-lcs (~> 1.1.2)
    rspec-mocks (2.1.0)
    rspec-rails (2.1.0)
      rspec (~> 2.1.0)
    ruby-debug (0.10.4)
      columnize (>= 0.1)
      ruby-debug-base (~> 0.10.4.0)
    ruby-debug-base (0.10.4)
      linecache (>= 0.3)
    ruby-openid (2.1.8)
    rubyzip (0.9.4)
    sax-machine (0.0.15)
      nokogiri (> 0.0.0)
    selenium-webdriver (0.1.0)
      childprocess (= 0.1.4)
      ffi (~> 0.6.3)
      json_pure
      rubyzip
    term-ansicolor (1.0.5)
    thoughtbot-shoulda (2.11.1)
    trollop (1.16.2)
    unindentable (0.0.3)
    will_paginate (2.3.15)
    xml-simple (1.0.12)
    xpath (0.1.2)
      nokogiri (~> 1.3)

PLATFORMS
  ruby

DEPENDENCIES
  acts_as_versioned!
  authlogic (>= 2.1.1)
  authlogic-oid (>= 1.0.4)
  awesome_nested_set (= 1.4.3)
  aws-s3 (>= 0.6.2)
  capybara
  cucumber-rails
  database_cleaner (= 0.5.2)
  delayed_job (>= 1.8.4)
  faker (>= 0.3.1)
  feedzirra (>= 0.0.20)
  gherkin (= 1.0.30)
  machinist (>= 1.0.6)
  mongrel
  nokogiri (>= 1.3.2)
  paperclip (>= 2.3.3)
  pg
  rails (= 2.3.8)
  rdiscount (>= 1.3.5)
  rr (>= 0.10.0)
  rspec-rails (>= 1.2.0)
  ruby-debug
  ruby-openid (>= 2.1.7)
  thoughtbot-shoulda (>= 2.10.0)
  unindentable (>= 0.0.1)
  will_paginate (= 2.3.15)
